GIT
  remote: https://github.com/hellojustin/rocco.git
  revision: 4af2635a3aecb94221d23fc930ecb7f2fa8455be
  specs:
    rocco (0.9.0)
      mustache
      redcarpet (~> 1.17)

PATH
  remote: .
  specs:
    honorroll (0.0.1)

GEM
  remote: https://rubygems.org/
  specs:
    minitest (5.9.1)
    mustache (1.0.3)
    rake (10.5.0)
    redcarpet (1.17.2)

PLATFORMS
  ruby

DEPENDENCIES
  honorroll!
  minitest (~> 5.9)
  rake (~> 10.1)
  rocco!

BUNDLED WITH
   1.13.2
