GIT
  remote: git@github.com:hellojustin/rocco.git
  revision: a810a4b947aec48bf2eea10be0bfc931213e4497
  specs:
    rocco (0.9.0)
      mustache
      redcarpet (~> 1.17)

GEM
  remote: https://rubygems.org/
  specs:
    minitest (5.9.1)
    mustache (1.0.3)
    rake (10.1.0)
    redcarpet (1.17.2)

PLATFORMS
  ruby

DEPENDENCIES
  minitest (~> 5.9)
  rake (~> 10.1)
  rocco!

BUNDLED WITH
   1.13.2
