GEM
  remote: https://rubygems.org/
  specs:
    minitest (5.9.1)
    rake (10.1.0)

PLATFORMS
  ruby

DEPENDENCIES
  minitest (~> 5.9)
  rake (~> 10.1)

BUNDLED WITH
   1.13.2
